GEM
  remote: http://rubygems.org/
  specs:
    addressable (2.3.2)
    em-websocket (0.3.6)
      addressable (>= 2.1.1)
      eventmachine (>= 0.12.9)
    eventmachine (0.12.10)
    ffi (1.1.5)
    guard (1.3.2)
      listen (>= 0.4.2)
      thor (>= 0.14.6)
    guard-livereload (0.4.2)
      em-websocket (>= 0.2.0)
      guard (>= 0.10.0)
      multi_json (~> 1.0)
    guard-sass (1.0.0)
      guard (>= 1.1.0)
      sass (>= 3.1)
    haml (3.0.25)
    listen (0.4.7)
      rb-fchange (~> 0.0.5)
      rb-fsevent (~> 0.9.1)
      rb-inotify (~> 0.8.8)
    multi_json (1.3.6)
    rack (1.2.2)
    rb-fchange (0.0.5)
      ffi
    rb-fsevent (0.9.1)
    rb-inotify (0.8.8)
      ffi (>= 0.5.0)
    sass (3.2.1)
    sinatra (1.2.3)
      rack (~> 1.1)
      tilt (>= 1.2.2, < 2.0)
    thor (0.16.0)
    tilt (1.2.2)
    voidtools (0.2.2)

PLATFORMS
  ruby

DEPENDENCIES
  guard
  guard-livereload
  guard-sass
  haml
  sinatra
  voidtools
